PATH
  remote: .
  specs:
    configvar (0.0.1)

GEM
  remote: https://rubygems.org/
  specs:
    minitest (5.5.1)
    rake (10.4.2)

PLATFORMS
  ruby

DEPENDENCIES
  bundler
  configvar!
  minitest
  rake
