PATH
  remote: .
  specs:
    configvar (0.1.0)

GEM
  remote: https://rubygems.org/
  specs:
    minitest (5.5.1)
    rake (13.0.6)

PLATFORMS
  ruby

DEPENDENCIES
  bundler
  configvar!
  minitest
  rake

BUNDLED WITH
   1.13.5
